GEM
  remote: https://rubygems.org/
  specs:
    motion-appstore (1.0.6)
    rake (10.4.2)
    rmagick (2.13.4)

PLATFORMS
  ruby

DEPENDENCIES
  motion-appstore
  rake
  rmagick
